GEM
  remote: https://rubygems.org/
  specs:
    ipaddress (0.8.3)
    json (2.15.0)
    mini_portile2 (2.8.9)
    nokogiri (1.15.7)
      mini_portile2 (~> 2.8.2)
      racc (~> 1.4)
    opennebula (7.0.0)
      ipaddress
      json
      nokogiri (< 1.16)
      parse-cron
      treetop
      xmlrpc
    parse-cron (0.1.4)
    polyglot (0.3.5)
    racc (1.8.1)
    treetop (1.6.14)
      polyglot (~> 0.3)
    webrick (1.9.1)
    xmlrpc (0.3.3)
      webrick

PLATFORMS
  ruby
  x86_64-linux

DEPENDENCIES
  opennebula (~> 7.0)

BUNDLED WITH
   2.5.22
